GIT
  remote: https://github.com/jvatic/es6-module-mapper.git
  revision: 513978c86df3785f5d37aa0cee4ec5c0fc980ced
  branch: master
  specs:
    es6-module-mapper (0.0.1)
      sprockets (~> 3.2)
      yajl-ruby (~> 1.2)

GIT
  remote: https://github.com/rails/sprockets.git
  revision: 09a7f56fe403700301467d3b14ee08e3aa713643
  tag: v3.2.0
  specs:
    sprockets (3.2.0)
      rack (~> 1.0)

PATH
  remote: .
  specs:
    marbles-js (0.0.5)
      es6-module-mapper

GEM
  remote: https://rubygems.org/
  specs:
    coffee-script (2.4.1)
      coffee-script-source
      execjs
    coffee-script-source (1.9.1.1)
    execjs (2.5.2)
    json (1.8.3)
    rack (1.6.1)
    rake (10.4.2)
    uglifier (2.7.1)
      execjs (>= 0.3.0)
      json (>= 1.8.0)
    yajl-ruby (1.2.1)

PLATFORMS
  ruby

DEPENDENCIES
  coffee-script
  es6-module-mapper!
  marbles-js!
  rake
  sprockets!
  uglifier
